GEM
  remote: http://rubygems.org/
  specs:
    chunky_png (1.2.5)
    compass (0.12.1)
      chunky_png (~> 1.2)
      fssm (>= 0.2.7)
      sass (~> 3.1)
    daemons (1.1.8)
    eventmachine (0.12.10)
    fssm (0.2.8.1)
    haml (3.1.4)
    rack (1.4.1)
    rack-protection (1.2.0)
      rack
    sass (3.1.15)
    sinatra (1.3.2)
      rack (~> 1.3, >= 1.3.6)
      rack-protection (~> 1.2)
      tilt (~> 1.3, >= 1.3.3)
    thin (1.3.1)
      daemons (>= 1.0.9)
      eventmachine (>= 0.12.6)
      rack (>= 1.0.0)
    tilt (1.3.3)

PLATFORMS
  ruby

DEPENDENCIES
  compass
  haml
  sinatra (~> 1.3.2)
  thin
